GEM
  remote: https://rubygems.org/
  specs:
    mysql2 (0.3.13)

PLATFORMS
  ruby

DEPENDENCIES
  mysql2 (~> 0.3.13)
